PATH
  remote: .
  specs:
    geoip-db (2013.08)
      geoip

GEM
  remote: https://rubygems.org/
  specs:
    geoip (1.3.0)

PLATFORMS
  ruby

DEPENDENCIES
  geoip-db!
